GEM
  remote: http://rubygems.org/
  specs:
    actionmailer (2.3.5)
      actionpack (= 2.3.5)
    actionpack (2.3.5)
      activesupport (= 2.3.5)
      rack (~> 1.0.0)
    activerecord (2.3.5)
      activesupport (= 2.3.5)
    activeresource (2.3.5)
      activesupport (= 2.3.5)
    activesupport (2.3.5)
    capistrano (2.13.5)
      highline
      net-scp (>= 1.0.0)
      net-sftp (>= 2.0.0)
      net-ssh (>= 2.0.14)
      net-ssh-gateway (>= 1.1.0)
    ferret (0.11.6)
      rake (> 0.0.0)
    highline (1.6.20)
    json (1.8.1)
    mysql (2.9.1)
    mysql (2.9.1-x86-mingw32)
    net-scp (1.1.2)
      net-ssh (>= 2.6.5)
    net-sftp (2.1.2)
      net-ssh (>= 2.6.5)
    net-ssh (2.7.0)
    net-ssh-gateway (1.2.0)
      net-ssh (>= 2.6.5)
    nokogiri (1.5.11)
    nokogiri (1.5.11-x86-mingw32)
    rack (1.0.1)
    rails (2.3.5)
      actionmailer (= 2.3.5)
      actionpack (= 2.3.5)
      activerecord (= 2.3.5)
      activeresource (= 2.3.5)
      activesupport (= 2.3.5)
      rake (>= 0.8.3)
    rake (0.8.7)
    sqlite3 (1.3.8)
    sqlite3 (1.3.8-x86-mingw32)
    sqlite3-ruby (1.3.3)
      sqlite3 (>= 1.3.3)

PLATFORMS
  ruby
  x86-mingw32

DEPENDENCIES
  capistrano (= 2.13.5)
  ferret (= 0.11.6)
  json
  mysql
  nokogiri (~> 1.5.10)
  rails (= 2.3.5)
  rake (= 0.8.7)
  sqlite3-ruby
